NUGET
  remote: https://nuget.org/api/v2
  specs:
    gong-wpf-dragdrop (1.0.0-ALPHA001)
      WPFToolkit (>= 3.5.50211.1) - framework: >= net35 < net40
    WPFToolkit (3.5.50211.1) - framework: >= net35 < net40
